GEM
  remote: http://rubygems.org/
  specs:
    backports (2.6.3)
    daemons (1.1.9)
    diff-lcs (1.1.3)
    eventmachine (0.12.10)
    foreman (0.51.0)
      thor (>= 0.13.6)
    rack (1.4.1)
    rack-protection (1.2.0)
      rack
    rack-test (0.6.1)
      rack (>= 1.0)
    rspec (2.11.0)
      rspec-core (~> 2.11.0)
      rspec-expectations (~> 2.11.0)
      rspec-mocks (~> 2.11.0)
    rspec-core (2.11.1)
    rspec-expectations (2.11.2)
      diff-lcs (~> 1.1.3)
    rspec-mocks (2.11.2)
    sinatra (1.3.3)
      rack (~> 1.3, >= 1.3.6)
      rack-protection (~> 1.2)
      tilt (~> 1.3, >= 1.3.3)
    sinatra-contrib (1.3.1)
      backports (>= 2.0)
      eventmachine
      rack-protection
      rack-test
      sinatra (~> 1.3.0)
      tilt (~> 1.3)
    sinatra-reloader (1.0)
      sinatra-contrib
    statsd-ruby (1.0.0)
    thin (1.4.1)
      daemons (>= 1.0.9)
      eventmachine (>= 0.12.6)
      rack (>= 1.0.0)
    thor (0.16.0)
    tilt (1.3.3)

PLATFORMS
  ruby

DEPENDENCIES
  daemons
  foreman (~> 0.51.0)
  rack-test (~> 0.6.1)
  rspec (~> 2.11.0)
  sinatra (~> 1.3.3)
  sinatra-reloader (~> 1.0)
  statsd-ruby (~> 1.0.0)
  thin (~> 1.4.1)
